PATH
  remote: .
  specs:
    sitecore_scan (0.0.4)
      logger (~> 1.6)

GEM
  remote: https://rubygems.org/
  specs:
    logger (1.6.0)

PLATFORMS
  ruby

DEPENDENCIES
  sitecore_scan!

BUNDLED WITH
   2.3.19
