PATH
  remote: .
  specs:
    sitecore_scan (0.0.3)
      logger (~> 1.4)

GEM
  remote: https://rubygems.org/
  specs:
    logger (1.5.3)

PLATFORMS
  ruby

DEPENDENCIES
  sitecore_scan!

BUNDLED WITH
   2.3.19
